GIT
  remote: git://github.com/rweng/jquery-datatables-rails.git
  revision: 494f752b8eb8350f33841c822a67d014c869219f
  specs:
    jquery-datatables-rails (1.11.2)
      jquery-rails

GEM
  remote: https://rubygems.org/
  specs:
    actionmailer (3.2.3)
      actionpack (= 3.2.3)
      mail (~> 2.4.4)
    actionpack (3.2.3)
      activemodel (= 3.2.3)
      activesupport (= 3.2.3)
      builder (~> 3.0.0)
      erubis (~> 2.7.0)
      journey (~> 1.0.1)
      rack (~> 1.4.0)
      rack-cache (~> 1.2)
      rack-test (~> 0.6.1)
      sprockets (~> 2.1.2)
    activemodel (3.2.3)
      activesupport (= 3.2.3)
      builder (~> 3.0.0)
    activerecord (3.2.3)
      activemodel (= 3.2.3)
      activesupport (= 3.2.3)
      arel (~> 3.0.2)
      tzinfo (~> 0.3.29)
    activeresource (3.2.3)
      activemodel (= 3.2.3)
      activesupport (= 3.2.3)
    activesupport (3.2.3)
      i18n (~> 0.6)
      multi_json (~> 1.0)
    arel (3.0.2)
    bcrypt-ruby (3.0.1)
    bcrypt-ruby (3.0.1-x86-mingw32)
    better_errors (0.8.0)
      coderay (>= 1.0.0)
      erubis (>= 2.6.6)
    binding_of_caller (0.7.1)
      debug_inspector (>= 0.0.1)
    bootstrap-datepicker-rails (1.0.0.6)
      railties (>= 3.0)
    bootstrap-sass (2.2.2.0)
      sass (~> 3.2)
    brI18n (3.3.0)
      actionpack (>= 3.0.0)
      activerecord (>= 3.0.0)
      activesupport (>= 3.0.0)
    brazilian-rails (3.3.0)
      brI18n (= 3.3.0)
      brcep (= 3.3.0)
      brcpfcnpj (= 3.3.0)
      brdata (= 3.3.0)
      brdinheiro (= 3.3.0)
      brhelper (= 3.3.0)
      brnumeros (= 3.3.0)
      brstring (= 3.3.0)
    brcep (3.3.0)
    brcpfcnpj (3.3.0)
      actionpack (>= 3.0.0)
      activesupport (>= 3.0.0)
    brdata (3.3.0)
      actionpack (>= 3.0.0)
      activesupport (>= 3.0.0)
    brdinheiro (3.3.0)
      actionpack (>= 3.0.0)
      activerecord (>= 3.0.0)
      brnumeros (= 3.3.0)
    breadcrumbs_on_rails (2.3.0)
    brhelper (3.3.0)
      actionpack (>= 3.0.0)
      activesupport (>= 3.0.0)
    brnumeros (3.3.0)
    brstring (3.3.0)
      activesupport (>= 3.0.0)
    builder (3.0.4)
    callsite (0.0.11)
    cancan (1.6.10)
    carrierwave (0.8.0)
      activemodel (>= 3.2.0)
      activesupport (>= 3.2.0)
    celluloid (0.14.0)
      timers (>= 1.0.0)
    chosen-rails (0.9.14)
      coffee-rails (>= 3.2)
      railties (>= 3.0)
      sass-rails (>= 3.2)
    client_side_validations (3.2.5)
    coderay (1.0.9)
    coffee-rails (3.2.2)
      coffee-script (>= 2.2.0)
      railties (~> 3.2.0)
    coffee-script (2.2.0)
      coffee-script-source
      execjs
    coffee-script-source (1.6.2)
    connection_pool (1.0.0)
    daemons (1.1.9)
    debug_inspector (0.0.2)
    devise (2.2.4)
      bcrypt-ruby (~> 3.0)
      orm_adapter (~> 0.1)
      railties (~> 3.1)
      warden (~> 1.2.1)
    dotiw (1.1.1)
      actionpack (~> 3)
    erubis (2.7.0)
    eventmachine (1.0.3)
    eventmachine (1.0.3-x86-mingw32)
    excon (0.13.4)
    execjs (1.4.0)
      multi_json (~> 1.0)
    fog (1.3.1)
      builder
      excon (~> 0.13.0)
      formatador (~> 0.2.0)
      mime-types
      multi_json (~> 1.0)
      net-scp (~> 1.0.4)
      net-ssh (>= 2.1.3)
      nokogiri (~> 1.5.0)
      ruby-hmac
    font-awesome-sass-rails (3.0.2.2)
      railties (>= 3.1.1)
      sass-rails (>= 3.1.1)
    formatador (0.2.4)
    geocoder (1.1.8)
    gmaps4rails (1.5.6)
    hike (1.2.2)
    httparty (0.11.0)
      multi_json (~> 1.0)
      multi_xml (>= 0.5.2)
    i18n (0.6.4)
    journey (1.0.4)
    jquery-rails (2.2.1)
      railties (>= 3.0, < 5.0)
      thor (>= 0.14, < 2.0)
    jquery-timepicker-rails (1.1.0.0)
      railties (>= 3.1.0)
    json (1.8.0)
    kaminari (0.14.1)
      actionpack (>= 3.0.0)
      activesupport (>= 3.0.0)
    mail (2.4.4)
      i18n (>= 0.4.0)
      mime-types (~> 1.16)
      treetop (~> 1.4.8)
    meta_request (0.2.5)
      callsite
      rack-contrib
      railties
    mime-types (1.23)
    mini_magick (3.5.0)
      subexec (~> 0.2.1)
    multi_json (1.7.3)
    multi_xml (0.5.3)
    net-scp (1.0.4)
      net-ssh (>= 1.99.1)
    net-ssh (2.6.7)
    nokogiri (1.5.9)
    nokogiri (1.5.9-x86-mingw32)
    orm_adapter (0.4.0)
    pg (0.15.1)
    pg (0.15.1-x86-mingw32)
    polyglot (0.3.3)
    quiet_assets (1.0.2)
      railties (>= 3.1, < 5.0)
    rack (1.4.5)
    rack-cache (1.2)
      rack (>= 0.4)
    rack-contrib (1.1.0)
      rack (>= 0.9.1)
    rack-ssl (1.3.3)
      rack
    rack-test (0.6.2)
      rack (>= 1.0)
    rails (3.2.3)
      actionmailer (= 3.2.3)
      actionpack (= 3.2.3)
      activerecord (= 3.2.3)
      activeresource (= 3.2.3)
      activesupport (= 3.2.3)
      bundler (~> 1.0)
      railties (= 3.2.3)
    rails3-jquery-autocomplete (1.0.11)
      rails (~> 3.0)
    railties (3.2.3)
      actionpack (= 3.2.3)
      activesupport (= 3.2.3)
      rack-ssl (~> 1.3.2)
      rake (>= 0.8.7)
      rdoc (~> 3.4)
      thor (~> 0.14.6)
    rake (10.0.4)
    rdoc (3.12.2)
      json (~> 1.4)
    redis (3.0.4)
    redis-namespace (1.3.0)
      redis (~> 3.0.0)
    ruby-hmac (0.4.0)
    sass (3.2.9)
    sass-rails (3.2.6)
      railties (~> 3.2.0)
      sass (>= 3.1.10)
      tilt (~> 1.3)
    sidekiq (2.11.2)
      celluloid (>= 0.13.0)
      connection_pool (>= 1.0.0)
      multi_json
      redis (>= 3.0)
      redis-namespace
    simple_form (2.1.0)
      actionpack (~> 3.0)
      activemodel (~> 3.0)
    sprockets (2.1.3)
      hike (~> 1.2)
      rack (~> 1.0)
      tilt (~> 1.1, != 1.3.0)
    sqlite3 (1.3.7)
    sqlite3 (1.3.7-x86-mingw32)
    subexec (0.2.3)
    thin (1.5.1)
      daemons (>= 1.0.9)
      eventmachine (>= 0.12.6)
      rack (>= 1.0.0)
    thor (0.14.6)
    tilt (1.4.1)
    timers (1.1.0)
    timezone (0.2.1)
    treetop (1.4.12)
      polyglot
      polyglot (>= 0.3.1)
    tzinfo (0.3.37)
    uglifier (2.1.0)
      execjs (>= 0.3.0)
      multi_json (~> 1.0, >= 1.0.2)
    warden (1.2.1)
      rack (>= 1.0)
    watu_table_builder (0.3.0)

PLATFORMS
  ruby
  x86-mingw32

DEPENDENCIES
  bcrypt-ruby (~> 3.0.0)
  better_errors
  binding_of_caller
  bootstrap-datepicker-rails
  bootstrap-sass (~> 2.2.2.0)
  brazilian-rails
  breadcrumbs_on_rails
  cancan
  carrierwave
  chosen-rails
  client_side_validations
  coffee-rails (~> 3.2.1)
  devise
  dotiw
  fog (~> 1.3.1)
  font-awesome-sass-rails
  geocoder
  gmaps4rails
  httparty
  jquery-datatables-rails!
  jquery-rails
  jquery-timepicker-rails
  kaminari
  mail
  meta_request
  mini_magick
  pg
  quiet_assets
  rails (= 3.2.3)
  rails3-jquery-autocomplete
  sass-rails (~> 3.2.3)
  sidekiq
  simple_form
  sqlite3
  thin
  timezone
  uglifier (>= 1.0.3)
  watu_table_builder
